GEM
  remote: https://rubygems.org/
  specs:
    backports (3.6.8)
    json (1.8.3)
    jwt (1.5.4)
    mail (2.6.4)
      mime-types (>= 1.16, < 4)
    mime-types (3.0)
      mime-types-data (~> 3.2015)
    mime-types-data (3.2016.0221)
    mock_redis (0.16.1)
    multi_json (1.11.2)
    pony (1.11)
      mail (>= 2.0)
    puma (3.4.0)
    rack (1.6.4)
    rack-protection (1.5.3)
      rack
    rack-test (0.6.3)
      rack (>= 1.0)
    redis (3.2.2)
    sinatra (1.4.7)
      rack (~> 1.5)
      rack-protection (~> 1.4)
      tilt (>= 1.3, < 3)
    sinatra-contrib (1.4.7)
      backports (>= 2.0)
      multi_json
      rack-protection
      rack-test
      sinatra (~> 1.4.0)
      tilt (>= 1.3, < 3)
    tilt (2.0.2)

PLATFORMS
  ruby

DEPENDENCIES
  json
  jwt
  mock_redis
  pony
  puma
  redis
  sinatra
  sinatra-contrib

BUNDLED WITH
   1.11.2
